GEM
  remote: https://rubygems.org/
  specs:
    alfred-workflow (2.0.5)
      fuzzy_match (>= 2.0.4)
      gyoku (>= 1.1.0)
      moneta (>= 0.7.19)
      nori (>= 2.3.0)
      plist (>= 3.1.0)
      terminal-notifier (>= 1.5.0)
    builder (3.2.4)
    domain_name (0.5.20190701)
      unf (>= 0.0.5, < 1.0.0)
    fuzzy_match (2.1.0)
    gyoku (1.3.1)
      builder (>= 2.1.2)
    http-accept (1.7.0)
    http-cookie (1.0.4)
      domain_name (~> 0.5)
    mime-types (3.4.1)
      mime-types-data (~> 3.2015)
    mime-types-data (3.2022.0105)
    moneta (1.4.2)
    netrc (0.11.0)
    nori (2.6.0)
    plist (3.6.0)
    rbtree (0.4.5)
    rest-client (2.1.0)
      http-accept (>= 1.7.0, < 2.0)
      http-cookie (>= 1.0.2, < 2.0)
      mime-types (>= 1.16, < 4.0)
      netrc (~> 0.8)
    set (1.0.2)
    sorted_set (1.0.3)
      rbtree
      set (~> 1.0)
    terminal-notifier (2.0.0)
    unf (0.1.4)
      unf_ext
    unf_ext (0.0.8)

PLATFORMS
  ruby

DEPENDENCIES
  alfred-workflow
  plist
  rest-client
  sorted_set

BUNDLED WITH
   2.1.4
